GEM
  remote: https://rubygems.org/
  specs:
    fssm (0.2.10)
    sass (3.2.12)

PLATFORMS
  ruby

DEPENDENCIES
  fssm
  sass
